PATH
  remote: .
  specs:
    maildir (1.0.0)

GEM
  remote: http://rubygems.org/
  specs:
    activesupport (3.0.3)
    fakefs (0.3.2)
    i18n (0.5.0)
    json (1.4.6)
    mail (2.2.12)
      activesupport (>= 2.3.6)
      i18n (>= 0.4.0)
      mime-types (~> 1.16)
      treetop (~> 1.4.8)
    mime-types (1.16)
    polyglot (0.3.1)
    rake (0.8.7)
    shoulda (2.11.3)
    treetop (1.4.9)
      polyglot (>= 0.3.1)

PLATFORMS
  ruby

DEPENDENCIES
  fakefs (>= 0.3.2)
  json
  mail
  maildir!
  rake
  shoulda
